GEM
  remote: http://ruby.taobao.org/
  specs:
    builder (3.0.0)
    color (1.4.1)
    diff-lcs (1.1.3)
    fastercsv (1.5.4)
    highline (1.6.12)
    hoe (3.0.5)
      rake (~> 0.8)
    i18n (0.6.0)
    json (1.7.3)
    money (5.0.0)
      i18n (~> 0.4)
      json
    pdf-writer (1.1.8)
      color (>= 1.4.0)
      transaction-simple (~> 1.3)
    rake (0.9.2.2)
    rspec (2.10.0)
      rspec-core (~> 2.10.0)
      rspec-expectations (~> 2.10.0)
      rspec-mocks (~> 2.10.0)
    rspec-core (2.10.1)
    rspec-expectations (2.10.0)
      diff-lcs (~> 1.1.3)
    rspec-mocks (2.10.1)
    ruport (1.6.3)
      fastercsv
      pdf-writer (= 1.1.8)
    transaction-simple (1.4.0)
      hoe (>= 1.1.7)

PLATFORMS
  ruby

DEPENDENCIES
  builder
  highline
  money
  rspec
  ruport
