GEM
  remote: http://ruby.taobao.org/
  specs:
    builder (3.0.0)
    color (1.4.1)
    fastercsv (1.5.4)
    hoe (3.0.5)
      rake (~> 0.8)
    i18n (0.6.0)
    json (1.7.3)
    money (5.0.0)
      i18n (~> 0.4)
      json
    pdf-writer (1.1.8)
      color (>= 1.4.0)
      transaction-simple (~> 1.3)
    rake (0.9.2.2)
    ruport (1.6.3)
      fastercsv
      pdf-writer (= 1.1.8)
    transaction-simple (1.4.0)
      hoe (>= 1.1.7)

PLATFORMS
  ruby

DEPENDENCIES
  builder
  money
  ruport
